GEM
  remote: http://rubygems.org/
  specs:
    activesupport (2.3.5)
    bson (1.9.1)
    bson_ext (1.9.1)
      bson (~> 1.9.1)
    durran-validatable (2.0.1)
    mongo (1.9.1)
      bson (~> 1.9.1)
    mongoid (1.2.14)
      activesupport (<= 2.3.5)
      durran-validatable (>= 2.0.1)
      mongo (>= 0.19.1)
      will_paginate (< 2.9)
    will_paginate (2.3.16)

PLATFORMS
  ruby

DEPENDENCIES
  activesupport
  bson_ext
  bundler
  mongoid
